PATH
  remote: .
  specs:
    api_doc_generator (0.0.1)
      bootstrap-sass
      jquery-rails
      json-schema
      rails (~> 4.1.7.1)
      redcarpet (~> 3.2.0)
      slim
      slim-rails

GEM
  remote: https://rubygems.org/
  specs:
    actionmailer (4.1.7.1)
      actionpack (= 4.1.7.1)
      actionview (= 4.1.7.1)
      mail (~> 2.5, >= 2.5.4)
    actionpack (4.1.7.1)
      actionview (= 4.1.7.1)
      activesupport (= 4.1.7.1)
      rack (~> 1.5.2)
      rack-test (~> 0.6.2)
    actionview (4.1.7.1)
      activesupport (= 4.1.7.1)
      builder (~> 3.1)
      erubis (~> 2.7.0)
    activemodel (4.1.7.1)
      activesupport (= 4.1.7.1)
      builder (~> 3.1)
    activerecord (4.1.7.1)
      activemodel (= 4.1.7.1)
      activesupport (= 4.1.7.1)
      arel (~> 5.0.0)
    activesupport (4.1.7.1)
      i18n (~> 0.6, >= 0.6.9)
      json (~> 1.7, >= 1.7.7)
      minitest (~> 5.1)
      thread_safe (~> 0.1)
      tzinfo (~> 1.1)
    addressable (2.3.8)
    arel (5.0.1.20140414130214)
    autoprefixer-rails (6.3.6)
      execjs
    bootstrap-sass (3.3.6)
      autoprefixer-rails (>= 5.2.1)
      sass (>= 3.3.4)
    builder (3.2.2)
    concurrent-ruby (1.0.1)
    erubis (2.7.0)
    execjs (2.6.0)
    i18n (0.7.0)
    jquery-rails (3.1.4)
      railties (>= 3.0, < 5.0)
      thor (>= 0.14, < 2.0)
    json (1.8.3)
    json-schema (2.6.1)
      addressable (~> 2.3.8)
    mail (2.6.4)
      mime-types (>= 1.16, < 4)
    mime-types (3.0)
      mime-types-data (~> 3.2015)
    mime-types-data (3.2016.0221)
    minitest (5.8.4)
    rack (1.5.5)
    rack-test (0.6.3)
      rack (>= 1.0)
    rails (4.1.7.1)
      actionmailer (= 4.1.7.1)
      actionpack (= 4.1.7.1)
      actionview (= 4.1.7.1)
      activemodel (= 4.1.7.1)
      activerecord (= 4.1.7.1)
      activesupport (= 4.1.7.1)
      bundler (>= 1.3.0, < 2.0)
      railties (= 4.1.7.1)
      sprockets-rails (~> 2.0)
    railties (4.1.7.1)
      actionpack (= 4.1.7.1)
      activesupport (= 4.1.7.1)
      rake (>= 0.8.7)
      thor (>= 0.18.1, < 2.0)
    rake (11.1.2)
    redcarpet (3.2.3)
    sass (3.4.22)
    slim (3.0.6)
      temple (~> 0.7.3)
      tilt (>= 1.3.3, < 2.1)
    slim-rails (3.0.1)
      actionmailer (>= 3.1, < 5.0)
      actionpack (>= 3.1, < 5.0)
      activesupport (>= 3.1, < 5.0)
      railties (>= 3.1, < 5.0)
      slim (~> 3.0)
    sprockets (3.6.0)
      concurrent-ruby (~> 1.0)
      rack (> 1, < 3)
    sprockets-rails (2.3.3)
      actionpack (>= 3.0)
      activesupport (>= 3.0)
      sprockets (>= 2.8, < 4.0)
    sqlite3 (1.3.11)
    temple (0.7.6)
    thor (0.19.1)
    thread_safe (0.3.5)
    tilt (2.0.2)
    tzinfo (1.2.2)
      thread_safe (~> 0.1)

PLATFORMS
  ruby

DEPENDENCIES
  api_doc_generator!
  sqlite3

BUNDLED WITH
   1.11.2
